PATH
  remote: .
  specs:
    amoeba-deploy-tools (0.0.1)
      hashie (~> 2.0.5)
      highline (~> 1.6.20)

GEM
  remote: https://rubygems.org/
  specs:
    diff-lcs (1.2.4)
    hashie (2.0.5)
    highline (1.6.20)
    rake (10.1.0)
    rspec (2.14.1)
      rspec-core (~> 2.14.0)
      rspec-expectations (~> 2.14.0)
      rspec-mocks (~> 2.14.0)
    rspec-core (2.14.5)
    rspec-expectations (2.14.2)
      diff-lcs (>= 1.1.3, < 2.0)
    rspec-mocks (2.14.3)

PLATFORMS
  ruby

DEPENDENCIES
  amoeba-deploy-tools!
  bundler (~> 1.3)
  rake
  rspec (~> 2.14.1)
